GEM
  remote: https://rubygems.org/
  specs:
    cinch (2.1.0)
    faraday (0.9.0)
      multipart-post (>= 1.2, < 3)
    hashie (3.3.1)
    jwt (1.0.0)
    multi_json (1.10.1)
    multi_xml (0.5.5)
    multipart-post (2.0.0)
    netrc (0.7.9)
    oauth2 (1.0.0)
      faraday (>= 0.8, < 0.10)
      jwt (~> 1.0)
      multi_json (~> 1.3)
      multi_xml (~> 0.5)
      rack (~> 1.2)
    omniauth (1.2.2)
      hashie (>= 1.2, < 4)
      rack (~> 1.0)
    omniauth-oauth2 (1.2.0)
      faraday (>= 0.8, < 0.10)
      multi_json (~> 1.3)
      oauth2 (~> 1.0)
      omniauth (~> 1.2)
    rack (1.5.2)
    rest_client (1.8.1)
      netrc (~> 0.7.7)
    rspotify (1.5.1)
      omniauth-oauth2 (~> 1.1)
      rest_client (~> 1.7)
    sequel (4.16.0)

PLATFORMS
  ruby

DEPENDENCIES
  cinch
  rspotify
  sequel
